PATH
  remote: .
  specs:
    rack-qiniu_mock (0.0.1)
      mini_magick
      rack

GEM
  remote: https://rubygems.org/
  specs:
    diff-lcs (1.1.3)
    mini_magick (3.4)
      subexec (~> 0.2.1)
    rack (1.4.1)
    rake (10.0.2)
    rspec (2.12.0)
      rspec-core (~> 2.12.0)
      rspec-expectations (~> 2.12.0)
      rspec-mocks (~> 2.12.0)
    rspec-core (2.12.1)
    rspec-expectations (2.12.0)
      diff-lcs (~> 1.1.3)
    rspec-mocks (2.12.0)
    subexec (0.2.2)

PLATFORMS
  ruby

DEPENDENCIES
  rack-qiniu_mock!
  rake
  rspec
